GEM
  remote: https://rubygems.org/
  specs:
    chartkick (3.4.0)
    connection_pool (2.2.3)
    mustermann (1.1.1)
      ruby2_keywords (~> 0.0.1)
    rack (2.2.3)
    rack-protection (2.1.0)
      rack
    redis (4.1.4)
    ruby2_keywords (0.0.2)
    sidekiq (5.2.9)
      connection_pool (~> 2.2, >= 2.2.2)
      rack (~> 2.0)
      rack-protection (>= 1.5.0)
      redis (>= 3.3.5, < 4.2)
    sidekiq-benchmark (0.7.1)
      chartkick (>= 1.1.1)
      sidekiq (> 5)
    sinatra (2.1.0)
      mustermann (~> 1.0)
      rack (~> 2.2)
      rack-protection (= 2.1.0)
      tilt (~> 2.0)
    tilt (2.0.10)

PLATFORMS
  ruby

DEPENDENCIES
  sidekiq (~> 5)
  sidekiq-benchmark (>= 0.7.0)
  sinatra

BUNDLED WITH
   2.1.4
